GEM
  remote: https://rubygems.org/
  specs:
    coderay (1.1.3)
    method_source (1.0.0)
    poke-api-v2 (0.1.1)
    pry (0.14.1)
      coderay (~> 1.1)
      method_source (~> 1.0)

PLATFORMS
  x64-mingw-ucrt

DEPENDENCIES
  poke-api-v2
  pry

BUNDLED WITH
   2.3.3
